GEM
  specs:
    archive-tar-minitar (0.5.2)
    bson (1.6.2)
    bson_ext (1.6.2)
      bson (~> 1.6.2)
    columnize (0.3.6)
    grape (0.2.0)
      hashie (~> 1.2)
      multi_json
      multi_xml
      rack
      rack-mount
    hashie (1.2.0)
    linecache19 (0.5.12)
      ruby_core_source (>= 0.1.4)
    mongo (1.6.2)
      bson (~> 1.6.2)
    multi_json (1.3.1)
    multi_xml (0.5.1)
    rack (1.4.1)
    rack-cors (0.2.4)
      rack
    rack-mount (0.6.14)
      rack (>= 1.0.0)
    ruby-debug-base19 (0.11.25)
      columnize (>= 0.3.1)
      linecache19 (>= 0.5.11)
      ruby_core_source (>= 0.1.4)
    ruby-debug19 (0.11.6)
      columnize (>= 0.3.1)
      linecache19 (>= 0.5.11)
      ruby-debug-base19 (>= 0.11.19)
    ruby_core_source (0.1.5)
      archive-tar-minitar (>= 0.5.2)

PLATFORMS
  ruby

DEPENDENCIES
  bson
  bson_ext
  grape
  mongo
  rack-cors
  ruby-debug19
