GIT
  remote: git://github.com/intridea/grape.git
  revision: 346fb940d1266d43db95688522ea0109cb091631
  ref: 346fb94
  specs:
    grape (0.2.0)
      hashie (~> 1.2)
      multi_json
      multi_xml
      rack
      rack-mount

GIT
  remote: https://github.com/brynary/rack-test.git
  revision: cab8eb929b45d9e32474fad1b6806c2ab8f6bea8
  ref: cab8eb929b
  specs:
    rack-test (0.6.1)
      rack (>= 1.0)

GEM
  specs:
    archive-tar-minitar (0.5.2)
    bson (1.6.2)
    bson_ext (1.6.2)
      bson (~> 1.6.2)
    coderay (1.0.6)
    columnize (0.3.6)
    diff-lcs (1.1.3)
    hashie (1.2.0)
    linecache19 (0.5.12)
      ruby_core_source (>= 0.1.4)
    method_source (0.7.1)
    mongo (1.6.2)
      bson (~> 1.6.2)
    multi_json (1.3.1)
    multi_xml (0.5.1)
    pry (0.9.9.6)
      coderay (~> 1.0.5)
      method_source (~> 0.7.1)
      slop (>= 2.4.4, < 3)
    rack (1.4.1)
    rack-cors (0.2.4)
      rack
    rack-mount (0.6.14)
      rack (>= 1.0.0)
    rspec (2.10.0)
      rspec-core (~> 2.10.0)
      rspec-expectations (~> 2.10.0)
      rspec-mocks (~> 2.10.0)
    rspec-core (2.10.0)
    rspec-expectations (2.10.0)
      diff-lcs (~> 1.1.3)
    rspec-mocks (2.10.1)
    ruby-debug-base19 (0.11.25)
      columnize (>= 0.3.1)
      linecache19 (>= 0.5.11)
      ruby_core_source (>= 0.1.4)
    ruby-debug19 (0.11.6)
      columnize (>= 0.3.1)
      linecache19 (>= 0.5.11)
      ruby-debug-base19 (>= 0.11.19)
    ruby_core_source (0.1.5)
      archive-tar-minitar (>= 0.5.2)
    slop (2.4.4)

PLATFORMS
  ruby

DEPENDENCIES
  bson
  bson_ext
  grape!
  hashie
  mongo
  pry
  rack-cors
  rack-test!
  rspec
  ruby-debug19
